NUGET
  remote: http://www.nuget.org/api/v2
    Aether (8.1.2)
    Anat (1.0)
    FParsec (1.0.2)
    Hekate (3.2)
      Aether (>= 8.0.2 < 9.0)
    Hephaestus (1.0.1)
      Aether (>= 8.1 < 9.0)
      Anat (>= 1.0 < 2.0)
      Hekate (>= 3.2 < 4.0)
  remote: https://www.myget.org/F/freya/api/v2
    Freya.Core (3.0.0-b302)
      Aether (>= 8.1 < 9.0)
    Freya.Optics (3.0.0-b301)
      Aether (>= 8.1 < 9.0)
    Freya.Optics.Http (3.0.0-b301)
      Aether (>= 8.1 < 9.0)
      Freya.Core (>= 3.0.0-b < 3.1.0-b)
      Freya.Optics (>= 3.0.0-b301)
      Freya.Types.Http (>= 3.0.0-b < 3.1.0-b)
      Freya.Types.Uri (>= 3.0.0-b < 3.1.0-b)
    Freya.Optics.Http.Cors (3.0.0-b301)
      Aether (>= 8.1 < 9.0)
      Freya.Core (>= 3.0.0-b < 3.1.0-b)
      Freya.Optics (>= 3.0.0-b301)
      Freya.Optics.Http (>= 3.0.0-b301)
      Freya.Types.Http.Cors (>= 3.0.0-b < 3.1.0-b)
    Freya.Optics.Http.Patch (3.0.0-b301)
      Aether (>= 8.1 < 9.0)
      Freya.Core (>= 3.0.0-b < 3.1.0-b)
      Freya.Optics (>= 3.0.0-b301)
      Freya.Optics.Http (>= 3.0.0-b301)
      Freya.Types.Http.Patch (>= 3.0.0-b < 3.1.0-b)
    Freya.Types (3.0.0-b301)
      FParsec (>= 1.0 < 2.0)
    Freya.Types.Http (3.0.0-b302)
      FParsec (>= 1.0 < 2.0)
      Freya.Types (>= 3.0.0-b301)
      Freya.Types.Language (>= 3.0.0-b301)
      Freya.Types.Uri (>= 3.0.0-b301)
    Freya.Types.Http.Cors (3.0.0-b302)
      FParsec (>= 1.0 < 2.0)
      Freya.Types (>= 3.0.0-b301)
      Freya.Types.Http (>= 3.0.0-b302)
      Freya.Types.Language (>= 3.0.0-b301)
      Freya.Types.Uri (>= 3.0.0-b301)
    Freya.Types.Http.Patch (3.0.0-b302)
      FParsec (>= 1.0 < 2.0)
      Freya.Types (>= 3.0.0-b301)
      Freya.Types.Http (>= 3.0.0-b301)
      Freya.Types.Language (>= 3.0.0-b301)
      Freya.Types.Uri (>= 3.0.0-b301)
    Freya.Types.Language (3.0.0-b301)
      FParsec (>= 1.0 < 2.0)
      Freya.Types (>= 3.0.0-b301)
    Freya.Types.Uri (3.0.0-b301)
      FParsec (>= 1.0 < 2.0)
      Freya.Types (>= 3.0.0-b301)

GROUP Build
NUGET
  remote: http://www.nuget.org/api/v2
    FAKE (4.29.2)
GITHUB
  remote: xyncro/build
    build.fsx (589ed49e68b51d7de9e9de9be1adc30e26ce534d)
GROUP Test
FRAMEWORK: >= NET45
NUGET
  remote: http://www.nuget.org/api/v2
    Aether (8.1.2)
    Microsoft.Owin (3.0.1)
      Owin (>= 1.0)
    Microsoft.Owin.Diagnostics (3.0.1)
      Microsoft.Owin (>= 3.0.1)
      Owin (>= 1.0)
    Microsoft.Owin.Host.HttpListener (3.0.1)
    Microsoft.Owin.Hosting (3.0.1)
      Microsoft.Owin (>= 3.0.1)
      Owin (>= 1.0)
    Microsoft.Owin.SelfHost (3.0.1)
      Microsoft.Owin (>= 3.0.1)
      Microsoft.Owin.Diagnostics (>= 3.0.1)
      Microsoft.Owin.Host.HttpListener (>= 3.0.1)
      Microsoft.Owin.Hosting (>= 3.0.1)
      Owin (>= 1.0)
    Owin (1.0)
    Unquote (3.1.1)
    xunit (2.1)
      xunit.assert (2.1)
      xunit.core (2.1)
    xunit.abstractions (2.0)
    xunit.assert (2.1)
    xunit.core (2.1)
      xunit.extensibility.core (2.1)
      xunit.extensibility.execution (2.1)
    xunit.extensibility.core (2.1)
      xunit.abstractions (2.0)
    xunit.extensibility.execution (2.1)
      xunit.extensibility.core (2.1)
    xunit.runner.console (2.1)
  remote: https://www.myget.org/F/freya/api/v2
    Freya.Core (3.0.0-b302)
      Aether (>= 8.1 < 9.0)
    Freya.Testing (3.0.0-b301)
      Aether (>= 8.1 < 9.0)
      Freya.Core (>= 3.0.0-b < 3.1.0-b)
      Unquote
