NUGET
  remote: http://www.nuget.org/api/v2
  specs:
    Aether (8.1.2)
    Anat (1.0.0-b001)
    Arachne.Core (3.0)
      FParsec (>= 1.0 < 2.0)
    Arachne.Http (3.0)
      Arachne.Core (>= 3.0)
      Arachne.Language (>= 3.0)
      Arachne.Uri (>= 3.0)
      FParsec (>= 1.0 < 2.0)
    Arachne.Http.Cors (3.0)
      Arachne.Core (>= 3.0)
      Arachne.Http (>= 3.0)
      Arachne.Language (>= 3.0)
      Arachne.Uri (>= 3.0)
      FParsec (>= 1.0 < 2.0)
    Arachne.Language (3.0)
      Arachne.Core (>= 3.0)
      FParsec (>= 1.0 < 2.0)
    Arachne.Uri (3.0)
      Arachne.Core (>= 3.0)
      FParsec (>= 1.0 < 2.0)
    FParsec (1.0.2)
    Hekate (3.2)
      Aether (>= 8.0.2 < 9.0)
    Hephaestus (1.0.0-b019)
      Aether (>= 8.0 < 9.0)
      Anat (>= 1.0.0-b < 1.1)
      Hekate (>= 3.2 < 4.0)
  remote: https://www.myget.org/F/freya/api/v2
  specs:
    Freya.Core (4.0.0-b011)
      Aether (>= 8.1 < 9.0)
    Freya.Optics (4.0.0-b004)
      Aether (>= 8.1 < 9.0)
    Freya.Optics.Http (4.0.0-b004)
      Aether (>= 8.1 < 9.0)
      Arachne.Http (>= 3.0.0-b < 3.1)
      Arachne.Uri (>= 3.0.0-b < 3.1)
      Freya.Core (>= 4.0.0-b < 4.1)
      Freya.Optics (>= 4.0.0-b004)
    Freya.Optics.Http.Cors (4.0.0-b004)
      Aether (>= 8.1 < 9.0)
      Arachne.Http.Cors (>= 3.0.0-b < 3.1)
      Freya.Core (>= 4.0.0-b < 4.1)
      Freya.Optics (>= 4.0.0-b004)
      Freya.Optics.Http (>= 4.0.0-b004)

GROUP Build
NUGET
  remote: http://www.nuget.org/api/v2
  specs:
    FAKE (4.28)
GITHUB
  remote: xyncro/build
  specs:
    build.fsx (589ed49e68b51d7de9e9de9be1adc30e26ce534d)
GROUP Test
FRAMEWORK: >= NET45
NUGET
  remote: http://www.nuget.org/api/v2
  specs:
    Aether (8.1.2)
    Microsoft.Owin (3.0.1)
      Owin (>= 1.0)
    Microsoft.Owin.Diagnostics (3.0.1)
      Microsoft.Owin (>= 3.0.1)
      Owin (>= 1.0)
    Microsoft.Owin.Host.HttpListener (3.0.1)
    Microsoft.Owin.Hosting (3.0.1)
      Microsoft.Owin (>= 3.0.1)
      Owin (>= 1.0)
    Microsoft.Owin.SelfHost (3.0.1)
      Microsoft.Owin (>= 3.0.1)
      Microsoft.Owin.Diagnostics (>= 3.0.1)
      Microsoft.Owin.Host.HttpListener (>= 3.0.1)
      Microsoft.Owin.Hosting (>= 3.0.1)
      Owin (>= 1.0)
    Owin (1.0)
    Unquote (3.1.1)
    xunit (2.1)
      xunit.assert (2.1)
      xunit.core (2.1)
    xunit.abstractions (2.0)
    xunit.assert (2.1)
    xunit.core (2.1)
      xunit.extensibility.core (2.1)
      xunit.extensibility.execution (2.1)
    xunit.extensibility.core (2.1)
      xunit.abstractions (2.0)
    xunit.extensibility.execution (2.1)
      xunit.extensibility.core (2.1)
    xunit.runner.console (2.1)
  remote: https://www.myget.org/F/freya/api/v2
  specs:
    Freya.Core (4.0.0-b011)
      Aether (>= 8.1 < 9.0)
    Freya.Testing (4.0.0-b008)
      Aether (>= 8.1 < 9.0)
      Freya.Core (>= 4.0.0-b < 4.1)
      Unquote
