

GROUP Async
NUGET
  remote: http://www.nuget.org/api/v2
    Aether (8.1.2)
    Anat (1.0)
    FParsec (1.0.2)
    Hekate (3.2)
      Aether (>= 8.0.2 < 9.0)
    Hephaestus (4.0)
      Aether (>= 8.1 < 9.0)
      Anat (>= 1.0 < 2.0)
      Hekate (>= 3.2 < 4.0)
  remote: https://www.myget.org/F/freya/api/v2
    Freya.Core (3.0.0-rc01)
      Aether (>= 8.1 < 9.0)
    Freya.Optics (3.0.0-rc01)
      Aether (>= 8.1 < 9.0)
    Freya.Optics.Http (3.0.0-rc01)
      Aether (>= 8.1 < 9.0)
      Freya.Core (>= 3.0.0-rc < 3.1.0-rc)
      Freya.Optics (>= 3.0.0-rc01)
      Freya.Types.Http (>= 3.0.0-rc < 3.1.0-rc)
      Freya.Types.Uri (>= 3.0.0-rc < 3.1.0-rc)
    Freya.Optics.Http.Cors (3.0.0-rc01)
      Aether (>= 8.1 < 9.0)
      Freya.Core (>= 3.0.0-rc < 3.1.0-rc)
      Freya.Optics (>= 3.0.0-rc01)
      Freya.Optics.Http (>= 3.0.0-rc01)
      Freya.Types.Http.Cors (>= 3.0.0-rc < 3.1.0-rc)
    Freya.Optics.Http.Patch (3.0.0-rc01)
      Aether (>= 8.1 < 9.0)
      Freya.Core (>= 3.0.0-rc < 3.1.0-rc)
      Freya.Optics (>= 3.0.0-rc01)
      Freya.Optics.Http (>= 3.0.0-rc01)
      Freya.Types.Http.Patch (>= 3.0.0-rc < 3.1.0-rc)
    Freya.Types (3.0.0-rc01)
      FParsec (>= 1.0 < 2.0)
    Freya.Types.Http (3.0.0-rc01)
      FParsec (>= 1.0 < 2.0)
      Freya.Types (>= 3.0.0-rc01)
      Freya.Types.Language (>= 3.0.0-rc01)
      Freya.Types.Uri (>= 3.0.0-rc01)
    Freya.Types.Http.Cors (3.0.0-rc01)
      FParsec (>= 1.0 < 2.0)
      Freya.Types (>= 3.0.0-rc01)
      Freya.Types.Http (>= 3.0.0-rc01)
      Freya.Types.Language (>= 3.0.0-rc01)
      Freya.Types.Uri (>= 3.0.0-rc01)
    Freya.Types.Http.Patch (3.0.0-rc01)
      FParsec (>= 1.0 < 2.0)
      Freya.Types (>= 3.0.0-rc01)
      Freya.Types.Http (>= 3.0.0-rc01)
      Freya.Types.Language (>= 3.0.0-rc01)
      Freya.Types.Uri (>= 3.0.0-rc01)
    Freya.Types.Language (3.0.0-rc01)
      FParsec (>= 1.0 < 2.0)
      Freya.Types (>= 3.0.0-rc01)
    Freya.Types.Uri (3.0.0-rc01)
      FParsec (>= 1.0 < 2.0)
      Freya.Types (>= 3.0.0-rc01)

GROUP Build
FRAMEWORK: >= NET45
NUGET
  remote: http://www.nuget.org/api/v2
    FAKE (4.34.5)
GITHUB
  remote: xyncro/build
    build.fsx (589ed49e68b51d7de9e9de9be1adc30e26ce534d)
GROUP Common
NUGET
  remote: http://www.nuget.org/api/v2
    Aether (8.1.2)
    FParsec (1.0.2)
    Hekate (3.2)
      Aether (>= 8.0.2 < 9.0)
  remote: https://www.myget.org/F/freya/api/v2
    Freya.Types (3.0.0-rc01)
      FParsec (>= 1.0 < 2.0)
    Freya.Types.Http (3.0.0-rc01)
      FParsec (>= 1.0 < 2.0)
      Freya.Types (>= 3.0.0-rc01)
      Freya.Types.Language (>= 3.0.0-rc01)
      Freya.Types.Uri (>= 3.0.0-rc01)
    Freya.Types.Http.Cors (3.0.0-rc01)
      FParsec (>= 1.0 < 2.0)
      Freya.Types (>= 3.0.0-rc01)
      Freya.Types.Http (>= 3.0.0-rc01)
      Freya.Types.Language (>= 3.0.0-rc01)
      Freya.Types.Uri (>= 3.0.0-rc01)
    Freya.Types.Http.Patch (3.0.0-rc01)
      FParsec (>= 1.0 < 2.0)
      Freya.Types (>= 3.0.0-rc01)
      Freya.Types.Http (>= 3.0.0-rc01)
      Freya.Types.Language (>= 3.0.0-rc01)
      Freya.Types.Uri (>= 3.0.0-rc01)
    Freya.Types.Language (3.0.0-rc01)
      FParsec (>= 1.0 < 2.0)
      Freya.Types (>= 3.0.0-rc01)
    Freya.Types.Uri (3.0.0-rc01)
      FParsec (>= 1.0 < 2.0)
      Freya.Types (>= 3.0.0-rc01)

GROUP Hopac
NUGET
  remote: http://www.nuget.org/api/v2
    Aether (8.1.2)
    Anat (1.0)
    FParsec (1.0.2)
    FSharp.Core (4.0.0.1)
    Hekate (3.2)
      Aether (>= 8.0.2 < 9.0)
    Hephaestus.Hopac (4.0)
      Aether (>= 8.1 < 9.0)
      Anat (>= 1.0 < 2.0)
      Hekate (>= 3.2 < 4.0)
      Hopac (>= 0.0 < 1.0)
    Hopac (0.2.1)
      FSharp.Core (>= 3.1.2.5)
  remote: https://www.myget.org/F/freya/api/v2
    Freya.Core.Hopac (3.0.0-rc01)
      Aether (>= 8.1 < 9.0)
      Hopac (>= 0.0 < 1.0)
    Freya.Optics (3.0.0-rc01)
      Aether (>= 8.1 < 9.0)
    Freya.Optics.Http.Cors.Hopac (3.0.0-rc01)
      Aether (>= 8.1 < 9.0)
      Freya.Core.Hopac (>= 3.0.0-rc < 3.1.0-rc)
      Freya.Optics (>= 3.0.0-rc01)
      Freya.Optics.Http.Hopac (>= 3.0.0-rc01)
      Freya.Types.Http.Cors (>= 3.0.0-rc < 3.1.0-rc)
    Freya.Optics.Http.Hopac (3.0.0-rc01)
      Aether (>= 8.1 < 9.0)
      Freya.Core.Hopac (>= 3.0.0-rc < 3.1.0-rc)
      Freya.Optics (>= 3.0.0-rc01)
      Freya.Types.Http (>= 3.0.0-rc < 3.1.0-rc)
      Freya.Types.Uri (>= 3.0.0-rc < 3.1.0-rc)
    Freya.Optics.Http.Patch.Hopac (3.0.0-rc01)
      Aether (>= 8.1 < 9.0)
      Freya.Core.Hopac (>= 3.0.0-rc < 3.1.0-rc)
      Freya.Optics (>= 3.0.0-rc01)
      Freya.Optics.Http.Hopac (>= 3.0.0-rc01)
      Freya.Types.Http.Patch (>= 3.0.0-rc < 3.1.0-rc)
    Freya.Types (3.0.0-rc01)
      FParsec (>= 1.0 < 2.0)
    Freya.Types.Http (3.0.0-rc01)
      FParsec (>= 1.0 < 2.0)
      Freya.Types (>= 3.0.0-rc01)
      Freya.Types.Language (>= 3.0.0-rc01)
      Freya.Types.Uri (>= 3.0.0-rc01)
    Freya.Types.Http.Cors (3.0.0-rc01)
      FParsec (>= 1.0 < 2.0)
      Freya.Types (>= 3.0.0-rc01)
      Freya.Types.Http (>= 3.0.0-rc01)
      Freya.Types.Language (>= 3.0.0-rc01)
      Freya.Types.Uri (>= 3.0.0-rc01)
    Freya.Types.Http.Patch (3.0.0-rc01)
      FParsec (>= 1.0 < 2.0)
      Freya.Types (>= 3.0.0-rc01)
      Freya.Types.Http (>= 3.0.0-rc01)
      Freya.Types.Language (>= 3.0.0-rc01)
      Freya.Types.Uri (>= 3.0.0-rc01)
    Freya.Types.Language (3.0.0-rc01)
      FParsec (>= 1.0 < 2.0)
      Freya.Types (>= 3.0.0-rc01)
    Freya.Types.Uri (3.0.0-rc01)
      FParsec (>= 1.0 < 2.0)
      Freya.Types (>= 3.0.0-rc01)

GROUP Test
FRAMEWORK: >= NET45
NUGET
  remote: http://www.nuget.org/api/v2
    Aether (8.1.2)
    FSharp.Core (4.0.0.1)
    Hopac (0.2.1)
      FSharp.Core (>= 3.1.2.5)
    Microsoft.Owin (3.0.1)
      Owin (>= 1.0)
    Microsoft.Owin.Diagnostics (3.0.1)
      Microsoft.Owin (>= 3.0.1)
      Owin (>= 1.0)
    Microsoft.Owin.Host.HttpListener (3.0.1)
    Microsoft.Owin.Hosting (3.0.1)
      Microsoft.Owin (>= 3.0.1)
      Owin (>= 1.0)
    Microsoft.Owin.SelfHost (3.0.1)
      Microsoft.Owin (>= 3.0.1)
      Microsoft.Owin.Diagnostics (>= 3.0.1)
      Microsoft.Owin.Host.HttpListener (>= 3.0.1)
      Microsoft.Owin.Hosting (>= 3.0.1)
      Owin (>= 1.0)
    Owin (1.0)
    Unquote (3.1.1)
    xunit (2.1)
      xunit.assert (2.1)
      xunit.core (2.1)
    xunit.abstractions (2.0)
    xunit.assert (2.1)
    xunit.core (2.1)
      xunit.extensibility.core (2.1)
      xunit.extensibility.execution (2.1)
    xunit.extensibility.core (2.1)
      xunit.abstractions (2.0)
    xunit.extensibility.execution (2.1)
      xunit.extensibility.core (2.1)
    xunit.runner.console (2.1)
  remote: https://www.myget.org/F/freya/api/v2
    Freya.Core (3.0.0-rc01)
      Aether (>= 8.1 < 9.0)
    Freya.Core.Hopac (3.0.0-rc01)
      Aether (>= 8.1 < 9.0)
      Hopac (>= 0.0 < 1.0)
    Freya.Testing (3.0.0-rc01)
      Aether (>= 8.1 < 9.0)
      Freya.Core (>= 3.0.0-rc < 3.1.0-rc)
      Unquote
    Freya.Testing.Hopac (3.0.0-rc01)
      Aether (>= 8.1 < 9.0)
      Freya.Core.Hopac (>= 3.0.0-rc < 3.1.0-rc)
      Unquote
